GEM
  remote: https://rubygems.org/
  specs:
    actioncable (6.0.3.7)
      actionpack (= 6.0.3.7)
      nio4r (~> 2.0)
      websocket-driver (>= 0.6.1)
    actionmailbox (6.0.3.7)
      actionpack (= 6.0.3.7)
      activejob (= 6.0.3.7)
      activerecord (= 6.0.3.7)
      activestorage (= 6.0.3.7)
      activesupport (= 6.0.3.7)
      mail (>= 2.7.1)
    actionmailer (6.0.3.7)
      actionpack (= 6.0.3.7)
      actionview (= 6.0.3.7)
      activejob (= 6.0.3.7)
      mail (~> 2.5, >= 2.5.4)
      rails-dom-testing (~> 2.0)
    actionpack (6.0.3.7)
      actionview (= 6.0.3.7)
      activesupport (= 6.0.3.7)
      rack (~> 2.0, >= 2.0.8)
      rack-test (>= 0.6.3)
      rails-dom-testing (~> 2.0)
      rails-html-sanitizer (~> 1.0, >= 1.2.0)
    actiontext (6.0.3.7)
      actionpack (= 6.0.3.7)
      activerecord (= 6.0.3.7)
      activestorage (= 6.0.3.7)
      activesupport (= 6.0.3.7)
      nokogiri (>= 1.8.5)
    actionview (6.0.3.7)
      activesupport (= 6.0.3.7)
      builder (~> 3.1)
      erubi (~> 1.4)
      rails-dom-testing (~> 2.0)
      rails-html-sanitizer (~> 1.1, >= 1.2.0)
    active_decorator (1.4.0)
      activesupport
    activejob (6.0.3.7)
      activesupport (= 6.0.3.7)
      globalid (>= 0.3.6)
    activemodel (6.0.3.7)
      activesupport (= 6.0.3.7)
    activerecord (6.0.3.7)
      activemodel (= 6.0.3.7)
      activesupport (= 6.0.3.7)
    activestorage (6.0.3.7)
      actionpack (= 6.0.3.7)
      activejob (= 6.0.3.7)
      activerecord (= 6.0.3.7)
      marcel (~> 1.0.0)
    activesupport (6.0.3.7)
      concurrent-ruby (~> 1.0, >= 1.0.2)
      i18n (>= 0.7, < 2)
      minitest (~> 5.1)
      tzinfo (~> 1.1)
      zeitwerk (~> 2.2, >= 2.2.2)
    addressable (2.7.0)
      public_suffix (>= 2.0.2, < 5.0)
    ast (2.4.2)
    autoprefixer-rails (10.2.5.1)
      execjs (> 0)
    aws-eventstream (1.1.1)
    aws-partitions (1.467.0)
    aws-sdk-core (3.114.2)
      aws-eventstream (~> 1, >= 1.0.2)
      aws-partitions (~> 1, >= 1.239.0)
      aws-sigv4 (~> 1.1)
      jmespath (~> 1.0)
    aws-sdk-kms (1.43.0)
      aws-sdk-core (~> 3, >= 3.112.0)
      aws-sigv4 (~> 1.1)
    aws-sdk-s3 (1.96.1)
      aws-sdk-core (~> 3, >= 3.112.0)
      aws-sdk-kms (~> 1)
      aws-sigv4 (~> 1.1)
    aws-sigv4 (1.2.3)
      aws-eventstream (~> 1, >= 1.0.2)
    bcrypt (3.1.16)
    bindex (0.8.1)
    bootsnap (1.7.5)
      msgpack (~> 1.0)
    bootstrap-sass (3.4.1)
      autoprefixer-rails (>= 5.2.1)
      sassc (>= 2.0.0)
    bootstrap-will_paginate (1.0.0)
      will_paginate
    builder (3.2.4)
    bullet (6.1.4)
      activesupport (>= 3.0.0)
      uniform_notifier (~> 1.11)
    byebug (11.1.3)
    capybara (3.35.3)
      addressable
      mini_mime (>= 0.1.3)
      nokogiri (~> 1.8)
      rack (>= 1.6.0)
      rack-test (>= 0.6.3)
      regexp_parser (>= 1.5, < 3.0)
      xpath (~> 3.2)
    childprocess (3.0.0)
    cliver (0.3.2)
    concurrent-ruby (1.1.9)
    crass (1.0.6)
    devise (4.8.0)
      bcrypt (~> 3.0)
      orm_adapter (~> 0.1)
      railties (>= 4.1.0)
      responders
      warden (~> 1.2.3)
    devise-i18n (1.9.4)
      devise (>= 4.7.1)
    devise-i18n-views (0.3.7)
    diff-lcs (1.4.4)
    dotenv (2.7.6)
    dotenv-rails (2.7.6)
      dotenv (= 2.7.6)
      railties (>= 3.2)
    erubi (1.10.0)
    execjs (2.8.1)
    factory_bot (4.10.0)
      activesupport (>= 3.0.0)
    factory_bot_rails (4.10.0)
      factory_bot (~> 4.10.0)
      railties (>= 3.0.0)
    faker (2.18.0)
      i18n (>= 1.6, < 2)
    ffi (1.15.1)
    font-awesome-sass (5.15.1)
      sassc (>= 1.11)
    geocoder (1.6.7)
    globalid (0.4.2)
      activesupport (>= 4.2.0)
    i18n (1.8.10)
      concurrent-ruby (~> 1.0)
    jbuilder (2.11.2)
      activesupport (>= 5.0.0)
    jmespath (1.4.0)
    jquery-rails (4.4.0)
      rails-dom-testing (>= 1, < 3)
      railties (>= 4.2.0)
      thor (>= 0.14, < 2.0)
    jquery-ui-rails (6.0.1)
      railties (>= 3.2.16)
    launchy (2.4.3)
      addressable (~> 2.3)
    line-bot-api (1.19.0)
    listen (3.5.1)
      rb-fsevent (~> 0.10, >= 0.10.3)
      rb-inotify (~> 0.9, >= 0.9.10)
    loofah (2.10.0)
      crass (~> 1.0.2)
      nokogiri (>= 1.5.9)
    mail (2.7.1)
      mini_mime (>= 0.1.1)
    marcel (1.0.1)
    method_source (1.0.0)
    mini_magick (4.11.0)
    mini_mime (1.1.0)
    mini_portile2 (2.5.3)
    minitest (5.14.4)
    msgpack (1.4.2)
    nio4r (2.5.7)
    nokogiri (1.11.7)
      mini_portile2 (~> 2.5.0)
      racc (~> 1.4)
    orm_adapter (0.5.0)
    parallel (1.20.1)
    parser (3.0.1.1)
      ast (~> 2.4.1)
    pg (0.20.0)
    poltergeist (1.18.1)
      capybara (>= 2.1, < 4)
      cliver (~> 0.3.1)
      websocket-driver (>= 0.2.0)
    public_suffix (4.0.6)
    puma (4.3.8)
      nio4r (~> 2.0)
    racc (1.5.2)
    rack (2.2.3)
    rack-proxy (0.7.0)
      rack
    rack-test (1.1.0)
      rack (>= 1.0, < 3)
    rails (6.0.3.7)
      actioncable (= 6.0.3.7)
      actionmailbox (= 6.0.3.7)
      actionmailer (= 6.0.3.7)
      actionpack (= 6.0.3.7)
      actiontext (= 6.0.3.7)
      actionview (= 6.0.3.7)
      activejob (= 6.0.3.7)
      activemodel (= 6.0.3.7)
      activerecord (= 6.0.3.7)
      activestorage (= 6.0.3.7)
      activesupport (= 6.0.3.7)
      bundler (>= 1.3.0)
      railties (= 6.0.3.7)
      sprockets-rails (>= 2.0.0)
    rails-dom-testing (2.0.3)
      activesupport (>= 4.2.0)
      nokogiri (>= 1.6)
    rails-html-sanitizer (1.3.0)
      loofah (~> 2.3)
    rails-i18n (6.0.0)
      i18n (>= 0.7, < 2)
      railties (>= 6.0.0, < 7)
    railties (6.0.3.7)
      actionpack (= 6.0.3.7)
      activesupport (= 6.0.3.7)
      method_source
      rake (>= 0.8.7)
      thor (>= 0.20.3, < 2.0)
    rainbow (3.0.0)
    rake (13.0.3)
    ransack (2.4.2)
      activerecord (>= 5.2.4)
      activesupport (>= 5.2.4)
      i18n
    rb-fsevent (0.11.0)
    rb-inotify (0.10.1)
      ffi (~> 1.0)
    regexp_parser (2.1.1)
    responders (3.0.1)
      actionpack (>= 5.0)
      railties (>= 5.0)
    rexml (3.2.5)
    rspec-core (3.8.2)
      rspec-support (~> 3.8.0)
    rspec-expectations (3.8.6)
      diff-lcs (>= 1.2.0, < 2.0)
      rspec-support (~> 3.8.0)
    rspec-mocks (3.8.2)
      diff-lcs (>= 1.2.0, < 2.0)
      rspec-support (~> 3.8.0)
    rspec-rails (3.8.3)
      actionpack (>= 3.0)
      activesupport (>= 3.0)
      railties (>= 3.0)
      rspec-core (~> 3.8.0)
      rspec-expectations (~> 3.8.0)
      rspec-mocks (~> 3.8.0)
      rspec-support (~> 3.8.0)
    rspec-support (3.8.3)
    rubocop (1.16.1)
      parallel (~> 1.10)
      parser (>= 3.0.0.0)
      rainbow (>= 2.2.2, < 4.0)
      regexp_parser (>= 1.8, < 3.0)
      rexml
      rubocop-ast (>= 1.7.0, < 2.0)
      ruby-progressbar (~> 1.7)
      unicode-display_width (>= 1.4.0, < 3.0)
    rubocop-ast (1.7.0)
      parser (>= 3.0.1.1)
    rubocop-rails (2.10.1)
      activesupport (>= 4.2.0)
      rack (>= 1.1)
      rubocop (>= 1.7.0, < 2.0)
    ruby-progressbar (1.11.0)
    rubyzip (2.3.0)
    sass-rails (6.0.0)
      sassc-rails (~> 2.1, >= 2.1.1)
    sassc (2.4.0)
      ffi (~> 1.9)
    sassc-rails (2.1.2)
      railties (>= 4.0.0)
      sassc (>= 2.0)
      sprockets (> 3.0)
      sprockets-rails
      tilt
    selenium-webdriver (3.142.7)
      childprocess (>= 0.5, < 4.0)
      rubyzip (>= 1.2.2)
    simple_calendar (2.4.2)
      rails (>= 3.0)
    spring (2.1.1)
    spring-commands-rspec (1.0.4)
      spring (>= 0.9.1)
    spring-watcher-listen (2.0.1)
      listen (>= 2.7, < 4.0)
      spring (>= 1.2, < 3.0)
    sprockets (4.0.2)
      concurrent-ruby (~> 1.0)
      rack (> 1, < 3)
    sprockets-rails (3.2.2)
      actionpack (>= 4.0)
      activesupport (>= 4.0)
      sprockets (>= 3.0.0)
    sqlite3 (1.4.2)
    thor (1.1.0)
    thread_safe (0.3.6)
    tilt (2.0.10)
    tzinfo (1.2.9)
      thread_safe (~> 0.1)
    uglifier (4.2.0)
      execjs (>= 0.3.0, < 3)
    unicode-display_width (2.0.0)
    uniform_notifier (1.14.2)
    warden (1.2.9)
      rack (>= 2.0.9)
    web-console (4.1.0)
      actionview (>= 6.0.0)
      activemodel (>= 6.0.0)
      bindex (>= 0.4.0)
      railties (>= 6.0.0)
    webdrivers (4.6.0)
      nokogiri (~> 1.6)
      rubyzip (>= 1.3.0)
      selenium-webdriver (>= 3.0, < 4.0)
    webpacker (4.3.0)
      activesupport (>= 4.2)
      rack-proxy (>= 0.6.1)
      railties (>= 4.2)
    websocket-driver (0.7.5)
      websocket-extensions (>= 0.1.0)
    websocket-extensions (0.1.5)
    will_paginate (3.3.0)
    xpath (3.2.0)
      nokogiri (~> 1.8)
    zeitwerk (2.4.2)

PLATFORMS
  ruby

DEPENDENCIES
  active_decorator
  aws-sdk-s3
  bootsnap (>= 1.4.2)
  bootstrap-sass
  bootstrap-will_paginate
  bullet
  byebug
  capybara (>= 2.15)
  devise
  devise-i18n
  devise-i18n-views
  dotenv-rails
  factory_bot_rails (~> 4.10.0)
  faker
  font-awesome-sass
  geocoder
  jbuilder (~> 2.7)
  jquery-rails
  jquery-ui-rails
  launchy (~> 2.4.3)
  line-bot-api
  listen (~> 3.2)
  mini_magick
  pg (= 0.20.0)
  poltergeist
  puma (~> 4.1)
  rails (~> 6.0.3, >= 6.0.3.4)
  rails-i18n
  ransack
  rspec-rails (~> 3.8.0)
  rubocop (~> 1.16)
  rubocop-rails
  sass-rails (>= 6)
  selenium-webdriver
  simple_calendar (~> 2.0)
  spring
  spring-commands-rspec
  spring-watcher-listen (~> 2.0.0)
  sqlite3
  tzinfo-data
  uglifier (>= 1.3.0)
  web-console (>= 3.3.0)
  webdrivers
  webpacker (~> 4.0)
  will_paginate

RUBY VERSION
   ruby 2.6.3p62

BUNDLED WITH
   1.17.2
